GIT
  remote: https://github.com/foobara-demo/loan-origination.git
  revision: 590c28af3ef2ff97017ed2905da659978b80b429
  specs:
    foobara-demo-loan-origination (0.0.1)
      foobara-local-files-crud-driver (< 2.0.0)

GEM
  remote: https://rubygems.org/
  specs:
    ast (2.4.3)
    bigdecimal (3.2.2)
    byebug (12.0.0)
    coderay (1.1.3)
    date (3.4.1)
    dotenv (3.1.8)
    erb (5.0.1)
    foobara (0.0.136)
      bigdecimal
      foobara-lru-cache (~> 0.0.2)
      foobara-util (>= 1.0.0)
      inheritable-thread-vars (~> 0.0.1)
    foobara-agent (0.0.17)
      foobara (>= 0.0.136, < 2.0.0)
      foobara-llm-backed-command (>= 1.0.0, < 2.0.0)
    foobara-agent-backed-command (0.0.5)
      foobara-agent (>= 0.0.1, < 2.0.0)
    foobara-agent-cli (0.0.4)
      foobara-agent (~> 0.0.1)
    foobara-ai (1.0.0)
    foobara-anthropic-api (1.0.1)
      foobara-cached-command
      foobara-http-api-command
    foobara-cached-command (0.0.2)
      foobara
    foobara-dotenv-loader (0.0.3)
      dotenv
    foobara-http-api-command (0.0.9)
      foobara
    foobara-json-schema-generator (1.0.1)
      foobara (>= 0.0.136, < 2.0.0)
    foobara-llm-backed-command (1.0.1)
      foobara (>= 0.0.136, < 2.0.0)
      foobara-ai (>= 1.0.0, < 2.0.0)
      foobara-json-schema-generator (>= 1.0.0, < 2.0.0)
    foobara-local-files-crud-driver (0.0.10)
      foobara (~> 0.0.102)
    foobara-lru-cache (0.0.2)
    foobara-ollama-api (1.0.0)
      foobara-http-api-command
    foobara-open-ai-api (1.0.1)
      foobara-cached-command
      foobara-http-api-command
    foobara-rubocop-rules (1.0.0)
      rubocop
      rubocop-rspec
    foobara-sh-cli-connector (1.0.0)
      foobara (>= 0.0.136, < 2.0.0)
    foobara-util (1.0.1)
    inheritable-thread-vars (0.0.3)
    io-console (0.8.0)
    irb (1.15.2)
      pp (>= 0.6.0)
      rdoc (>= 4.0.0)
      reline (>= 0.4.2)
    json (2.12.2)
    language_server-protocol (3.17.0.5)
    lint_roller (1.1.0)
    method_source (1.1.0)
    parallel (1.27.0)
    parser (3.3.8.0)
      ast (~> 2.4.1)
      racc
    pp (0.6.2)
      prettyprint
    prettyprint (0.2.0)
    prism (1.4.0)
    pry (0.15.2)
      coderay (~> 1.1)
      method_source (~> 1.0)
    pry-byebug (3.11.0)
      byebug (~> 12.0)
      pry (>= 0.13, < 0.16)
    psych (5.2.6)
      date
      stringio
    racc (1.8.1)
    rainbow (3.1.1)
    rdoc (6.14.2)
      erb
      psych (>= 4.0.0)
    regexp_parser (2.10.0)
    reline (0.6.1)
      io-console (~> 0.5)
    rubocop (1.78.0)
      json (~> 2.3)
      language_server-protocol (~> 3.17.0.2)
      lint_roller (~> 1.1.0)
      parallel (~> 1.10)
      parser (>= 3.3.0.2)
      rainbow (>= 2.2.2, < 4.0)
      regexp_parser (>= 2.9.3, < 3.0)
      rubocop-ast (>= 1.45.1, < 2.0)
      ruby-progressbar (~> 1.7)
      unicode-display_width (>= 2.4.0, < 4.0)
    rubocop-ast (1.45.1)
      parser (>= 3.3.7.2)
      prism (~> 1.4)
    rubocop-rake (0.7.1)
      lint_roller (~> 1.1)
      rubocop (>= 1.72.1)
    rubocop-rspec (3.6.0)
      lint_roller (~> 1.1)
      rubocop (~> 1.72, >= 1.72.1)
    ruby-progressbar (1.13.0)
    stringio (3.1.7)
    unicode-display_width (3.1.4)
      unicode-emoji (~> 4.0, >= 4.0.4)
    unicode-emoji (4.0.4)

PLATFORMS
  ruby
  x86_64-linux

DEPENDENCIES
  foobara-agent-backed-command
  foobara-agent-cli
  foobara-anthropic-api
  foobara-demo-loan-origination!
  foobara-dotenv-loader
  foobara-local-files-crud-driver
  foobara-ollama-api
  foobara-open-ai-api
  foobara-rubocop-rules
  foobara-sh-cli-connector
  irb
  pry
  pry-byebug
  rubocop-rake

BUNDLED WITH
   2.6.9
